NUGET
  remote: https://nuget.org/api/v2
  specs:
    Albedo (1.0.2) - framework: >= net45
    Autofac (3.5.2)
    AutoFixture (3.31.3) - framework: >= net45
    AutoFixture.AutoFakeItEasy (3.31.2) - framework: >= net45
      AutoFixture (>= 3.31.2)
      FakeItEasy (>= 1.7)
    AutoFixture.Idioms (3.31.0) - framework: >= net45
      Albedo (>= 1.0.1)
      AutoFixture (>= 3.31.0)
    AutoFixture.Xunit (3.31.0) - framework: >= net45
      AutoFixture (>= 3.31.0)
      xunit.extensions (>= 1.8.0.1549 < 2.0.0)
    F2F.Testing.Xunit (1.2.1.0) - framework: >= net45
      xunit (>= 1.9.2)
    F2F.Testing.Xunit.FakeItEasy (1.2.1.0) - framework: >= net45
      AutoFixture.AutoFakeItEasy (>= 3.30.1)
      AutoFixture.Xunit (>= 3.30.1)
      F2F.Testing.Xunit (>= 1.0.0)
    FAKE (4.8.0)
    FakeItEasy (1.25.3) - framework: >= net45
    FluentAssertions (3.5.0) - framework: >= net45
    FluentValidation (5.6.2.0)
    FSharp.Compiler.Service (1.4.0.6)
    FSharp.Formatting (2.12.0)
      FSharp.Compiler.Service (1.4.0.6)
      FSharpVSPowerTools.Core (2.1.0)
    FSharpVSPowerTools.Core (2.1.0)
      FSharp.Compiler.Service (>= 1.4.0.6)
    Microsoft.Bcl (1.1.10)
      Microsoft.Bcl.Build (>= 1.0.14)
    Microsoft.Bcl.Build (1.0.21) - import_targets: false
    Microsoft.Net.Http (2.2.29)
      Microsoft.Bcl (>= 1.1.10)
      Microsoft.Bcl.Build (>= 1.0.14)
    NuGet.CommandLine (2.8.6)
    NUnit (2.6.4)
    NUnit.Runners (2.6.4)
    Octokit (0.16.0)
      Microsoft.Net.Http
    reactiveui (6.5.0)
      reactiveui-core (6.5.0)
    reactiveui-core (6.5.0) - framework: portable-net45+win8+wp8+wpa81, >= net45
      Rx-Main (>= 2.2.5)
      Rx-WinRT (>= 2.2.5) - framework: winv4.5, wpv8.0, portable-win81+wpa81
      Rx-Xaml (>= 2.2.5) - framework: winv4.5, wpv8.0, portable-win81+wpa81, >= net45
      Splat (>= 1.0 < 2.0)
    reactiveui-testing (6.5.0) - framework: >= net45
      reactiveui-core (6.5.0) - framework: monoandroid, monotouch, winv4.5, wpv8.0, >= net45
      Rx-Testing (>= 2.2.5) - framework: winv4.5, wpv8.0, >= net45
    Rx-Core (2.2.5) - framework: portable-net45+win8+wp8+wpa81, >= net45
      Rx-Interfaces (>= 2.2.5)
    Rx-Interfaces (2.2.5) - framework: portable-net45+win8+wp8+wpa81, >= net45
    Rx-Linq (2.2.5) - framework: portable-net45+win8+wp8+wpa81, >= net45
      Rx-Core (>= 2.2.5)
      Rx-Interfaces (>= 2.2.5)
    Rx-Main (2.2.5) - framework: portable-net45+win8+wp8+wpa81, >= net45
      Rx-Core (>= 2.2.5)
      Rx-Interfaces (>= 2.2.5)
      Rx-Linq (>= 2.2.5)
      Rx-PlatformServices (>= 2.2.5)
    Rx-PlatformServices (2.2.5) - framework: portable-net45+win8+wp8+wpa81, >= net45
      Rx-Core (>= 2.2.5)
      Rx-Interfaces (>= 2.2.5)
    Rx-Testing (2.2.5) - framework: >= net451, >= net45
      Rx-Main (>= 2.2.5)
    Rx-WinRT (2.2.5)
      Rx-Main (>= 2.2.5)
    Rx-Xaml (2.2.5) - framework: >= net45
      Rx-Main (>= 2.2.5)
    SourceLink.Fake (1.1.0)
    Splat (1.6.2) - framework: portable-net45+win8+wp8+wpa81, >= net45
    xunit (1.9.2) - framework: >= net451, >= net45
    xunit.extensions (1.9.2) - framework: >= net451, >= net45
      xunit (1.9.2)
    xunit.runner.console (2.1.0)
GITHUB
  remote: fsharp/FAKE
  specs:
    modules/Octokit/Octokit.fsx (545fb5d2cc7901bcbfd8f7f1a53da8f7f169deda)
      Octokit