NUGET
  remote: https://www.nuget.org/api/v2
    Albedo (1.0.2) - framework: >= net45
    Autofac (3.5.2)
    AutoFixture (3.31.3) - framework: >= net45
    AutoFixture.AutoFakeItEasy (3.31.2) - framework: >= net45
      AutoFixture (>= 3.31.2)
      FakeItEasy (>= 1.7)
    AutoFixture.Idioms (3.31) - framework: >= net45
      Albedo (>= 1.0.1)
      AutoFixture (>= 3.31)
    AutoFixture.Xunit (3.31) - framework: >= net45
      AutoFixture (>= 3.31)
      xunit.extensions (>= 1.8.0.1549 < 2.0)
    F2F.Testing.Xunit (1.2.1) - framework: >= net45
      xunit (>= 1.9.2)
    F2F.Testing.Xunit.FakeItEasy (1.2.1) - framework: >= net45
      AutoFixture.AutoFakeItEasy (>= 3.30.1)
      AutoFixture.Xunit (>= 3.30.1)
      F2F.Testing.Xunit (>= 1.0)
    FAKE (4.8)
    FakeItEasy (1.25.3) - framework: >= net45
    FluentAssertions (3.5) - framework: >= net45
    FSharp.Compiler.Service (1.4.0.6)
    FSharp.Formatting (2.12)
      FSharp.Compiler.Service (1.4.0.6)
      FSharpVSPowerTools.Core (2.1)
    FSharpVSPowerTools.Core (2.1)
      FSharp.Compiler.Service (>= 1.4.0.6)
    Microsoft.Bcl (1.1.10) - framework: net10, net11, net20, net30, net35, net40, net40-full
      Microsoft.Bcl.Build (>= 1.0.14)
    Microsoft.Bcl.Build (1.0.21) - import_targets: false, framework: net10, net11, net20, net30, net35, net40, net40-full
    Microsoft.Net.Http (2.2.29) - framework: net10, net11, net20, net30, net35, net40, net40-full
      Microsoft.Bcl (>= 1.1.10)
      Microsoft.Bcl.Build (>= 1.0.14)
    NuGet.CommandLine (2.8.6)
    NUnit (2.6.4)
    NUnit.Runners (2.6.4)
    Octokit (0.23)
      Microsoft.Net.Http  - framework: net10, net11, net20, net30, net35, net40, net40-full
    reactiveui (6.5)
      reactiveui-core (6.5)
    reactiveui-core (6.5)
      Rx-Main (>= 2.2.5)
      Rx-WinRT (>= 2.2.5) - framework: >= netstandard12, portable-win81+wpa81, winv4.5, wpv8.0
      Rx-Xaml (>= 2.2.5) - framework: >= net45, >= netstandard12, portable-win81+wpa81, winv4.5, wpv8.0
      Splat (>= 1.0 < 2.0)
    reactiveui-testing (6.5) - framework: >= net45
      reactiveui-core (6.5) - framework: >= net45, monoandroid, monotouch, winv4.5, wpv8.0
      Rx-Testing (>= 2.2.5) - framework: >= net45, winv4.5, wpv8.0
    Rx-Core (2.2.5)
      Rx-Interfaces (>= 2.2.5)
    Rx-Interfaces (2.2.5)
    Rx-Linq (2.2.5)
      Rx-Core (>= 2.2.5)
      Rx-Interfaces (>= 2.2.5)
    Rx-Main (2.2.5)
      Rx-Core (>= 2.2.5)
      Rx-Interfaces (>= 2.2.5)
      Rx-Linq (>= 2.2.5)
      Rx-PlatformServices (>= 2.2.5)
    Rx-PlatformServices (2.2.5)
      Rx-Core (>= 2.2.5)
      Rx-Interfaces (>= 2.2.5)
    Rx-Testing (2.2.5) - framework: >= net45
      Rx-Main (>= 2.2.5)
    Rx-WinRT (2.2.5) - framework: >= netstandard12, portable-net45+win8+wp8+wpa81, portable-win81+wpa81, winv4.5, wpv8.0
      Rx-Main (>= 2.2.5)
    Rx-Xaml (2.2.5)
      Rx-Main (>= 2.2.5)
    SourceLink.Fake (1.1)
    Splat (1.6.2)
    xunit (1.9.2) - framework: >= net45
    xunit.extensions (1.9.2) - framework: >= net45
      xunit (1.9.2)
    xunit.runner.console (2.1)
GITHUB
  remote: fsharp/FAKE
    modules/Octokit/Octokit.fsx (749fbad6f6808c569e542ee5eaf3c4cc7275c029)
      Octokit (>= 0.20)